GIT
  remote: https://github.com/aleksandarmilicevic/method_source.git
  revision: c3e49bd036fe8f885e358dc03d687b52a2291b8e
  specs:
    method_source (0.8.3.1)

GIT
  remote: https://github.com/jnear/sdg_utils.git
  revision: 15e7023311ddee3f7f127d5bbb4bb87a43ec782c
  specs:
    sdg_utils (0.0.1)
      method_source (~> 0.8.3)
      nilio
      parser (~> 2.0.0.pre7)

GEM
  specs:
    ast (1.1.0)
    nilio (1.0.0)
    parser (2.0.0)
      ast (~> 1.1)
      slop (~> 3.4, >= 3.4.5)
    slop (3.5.0)

PLATFORMS
  ruby

DEPENDENCIES
  method_source (~> 0.8.3)!
  sdg_utils!
